GEM
  remote: http://rubygems.org/
  specs:
    activesupport (3.2.9)
      i18n (~> 0.6)
      multi_json (~> 1.0)
    aws-s3 (0.6.3)
      builder
      mime-types
      xml-simple
    bson (1.8.0)
      activesupport
    bson_ext (1.8.0)
      bson (~> 1.8.0)
    builder (3.1.4)
    i18n (0.6.1)
    json (1.7.5)
    mime-types (1.19)
    mongo (1.8.0)
      bson (~> 1.8.0)
    multi_json (1.4.0)
    nokogiri (1.5.5)
    thor (0.16.0)
    xml-simple (1.1.2)

PLATFORMS
  ruby

DEPENDENCIES
  activesupport
  aws-s3
  bson_ext
  json
  mongo
  nokogiri
  thor
